GIT
  remote: https://github.com/lian/bitcoin-ruby
  revision: a3fffe07505ea8e0c11dac548ae0dda0f8168f12
  branch: master
  specs:
    bitcoin-ruby (0.0.18)

GEM
  remote: https://rubygems.org/
  specs:
    bindata (2.4.3)
    diff-lcs (1.3)
    eventmachine (1.2.5)
    ffi (1.9.23)
    log4r (1.1.10)
    rspec (3.7.0)
      rspec-core (~> 3.7.0)
      rspec-expectations (~> 3.7.0)
      rspec-mocks (~> 3.7.0)
    rspec-core (3.7.1)
      rspec-support (~> 3.7.0)
    rspec-expectations (3.7.0)
      diff-lcs (>= 1.2.0, < 2.0)
      rspec-support (~> 3.7.0)
    rspec-mocks (3.7.0)
      diff-lcs (>= 1.2.0, < 2.0)
      rspec-support (~> 3.7.0)
    rspec-support (3.7.1)

PLATFORMS
  ruby

DEPENDENCIES
  bindata
  bitcoin-ruby!
  eventmachine
  ffi
  log4r
  rspec

BUNDLED WITH
   1.16.1
